GEM
  remote: https://rubygems.org/
  specs:
    crass (1.0.4)
    mini_portile2 (2.4.0)
    nokogiri (1.10.1)
      mini_portile2 (~> 2.4.0)
    nokogumbo (2.0.1)
      nokogiri (~> 1.8, >= 1.8.4)
    pandoc-ruby (2.0.2)
    rmagick (2.16.0)
    rubyzip (1.2.2)
    sanitize (5.0.0)
      crass (~> 1.0.2)
      nokogiri (>= 1.8.0)
      nokogumbo (~> 2.0)
    sqlite3 (1.3.13)

PLATFORMS
  ruby

DEPENDENCIES
  nokogiri
  pandoc-ruby
  rmagick
  rubyzip
  sanitize
  sqlite3

BUNDLED WITH
   2.1.4
